GEM
  remote: https://lonnyantunes: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@rubygems.pkg.github.com/lonnyantunes/
  specs:
    fifa-proclubs-apis (1.0.0)
      artii (~> 2.1.2)
      gemoji (~> 3.0.1)
      pastel (~> 0.7.3)
      thor
      tty-box (~> 0.5.0)
      tty-prompt (~> 0.20.0)

GEM
  remote: https://rubygems.org/
  specs:
    artii (2.1.2)
    discordrb (3.3.0)
      discordrb-webhooks (~> 3.3.0)
      ffi (>= 1.9.24)
      opus-ruby
      rbnacl (~> 3.4.0)
      rest-client (>= 2.1.0.rc1)
      websocket-client-simple (>= 0.3.0)
    discordrb-webhooks (3.3.0)
      rest-client (>= 2.1.0.rc1)
    domain_name (0.5.20190701)
      unf (>= 0.0.5, < 1.0.0)
    dotenv (2.7.6)
    equatable (0.7.0)
    event_emitter (0.2.6)
    ffi (1.15.3)
    gemoji (3.0.1)
    http-accept (1.7.0)
    http-cookie (1.0.4)
      domain_name (~> 0.5)
    mime-types (3.3.1)
      mime-types-data (~> 3.2015)
    mime-types-data (3.2021.0225)
    necromancer (0.5.1)
    netrc (0.11.0)
    opus-ruby (1.0.1)
      ffi
    pastel (0.7.4)
      equatable (~> 0.6)
      tty-color (~> 0.5)
    rbnacl (3.4.0)
      ffi
    rest-client (2.1.0)
      http-accept (>= 1.7.0, < 2.0)
      http-cookie (>= 1.0.2, < 2.0)
      mime-types (>= 1.16, < 4.0)
      netrc (~> 0.8)
    strings (0.1.8)
      strings-ansi (~> 0.1)
      unicode-display_width (~> 1.5)
      unicode_utils (~> 1.4)
    strings-ansi (0.2.0)
    thor (1.1.0)
    tty-box (0.5.0)
      pastel (~> 0.7.2)
      strings (~> 0.1.6)
      tty-cursor (~> 0.7)
    tty-color (0.6.0)
    tty-cursor (0.7.1)
    tty-prompt (0.20.0)
      necromancer (~> 0.5.0)
      pastel (~> 0.7.0)
      tty-reader (~> 0.7.0)
    tty-reader (0.7.0)
      tty-cursor (~> 0.7)
      tty-screen (~> 0.7)
      wisper (~> 2.0.0)
    tty-screen (0.8.1)
    unf (0.1.4)
      unf_ext
    unf_ext (0.0.7.7)
    unicode-display_width (1.7.0)
    unicode_utils (1.4.0)
    websocket (1.2.9)
    websocket-client-simple (0.3.0)
      event_emitter
      websocket
    wisper (2.0.1)

PLATFORMS
  x86_64-darwin-18
  x86_64-linux

DEPENDENCIES
  discordrb (= 3.3.0)
  dotenv (= 2.7.6)
  fifa-proclubs-apis (= 1.0.0)!

BUNDLED WITH
   2.2.21
